GEM
  remote: https://rubygems.org/
  specs:
    ast (2.0.0)
    parser (2.2.0.3)
      ast (>= 1.1, < 3.0)
    rack (1.6.0)
    rack-protection (1.5.3)
      rack
    sinatra (1.4.6)
      rack (~> 1.4)
      rack-protection (~> 1.4)
      tilt (>= 1.3, < 3)
    tilt (2.0.1)

PLATFORMS
  ruby

DEPENDENCIES
  parser (~> 2.2.0.3)
  sinatra (~> 1.4.6)
